GEM
  remote: https://rubygems.org/
  specs:
    json (2.12.2)
    thor (1.3.2)

PLATFORMS
  arm64-darwin-24
  ruby

DEPENDENCIES
  json
  thor

BUNDLED WITH
   2.6.8
